GIT
  remote: https://github.com/enterprisemodules/bolt.git
  revision: 1f91754d39b3b0d4f86511924fd50b3794e56dcd
  specs:
    bolt (1.29.0)
      CFPropertyList (~> 2.2)
      addressable (~> 2.5)
      aws-sdk-ec2 (~> 1)
      concurrent-ruby (~> 1.0)
      docker-api (~> 1.34)
      hiera-eyaml (~> 3)
      logging (~> 2.2)
      minitar (~> 0.6)
      net-scp (~> 1.2)
      net-ssh (>= 4.0)
      orchestrator_client (~> 0.4)
      puppet (>= 6.4.0, < 7)
      puppet-resource_api (>= 1.8.1)
      r10k (~> 3.1)
      ruby_smb (~> 1.0)
      terminal-table (~> 1.8)
      winrm (~> 2.0)
      winrm-fs (~> 1.3)

GIT
  remote: https://github.com/enterprisemodules/easy_type_helpers.git
  revision: ed043b7c492ea0bcb985f308ef41641f182f703d
  specs:
    easy_type_helpers (1.0.0)

GIT
  remote: https://github.com/enterprisemodules/em_tasks.git
  revision: f41fa6c5e936be606b98c9a0778331b88945b353
  specs:
    em_tasks (0.1.0)

GIT
  remote: https://github.com/enterprisemodules/puppet_litmus.git
  revision: 85841d42b6d0c1adac41a7821e73c650f8b87212
  specs:
    puppet_litmus (0.9.1)
      bolt (>= 1.13.1, < 1.29.1)
      pdk (>= 1.10.0, < 2.0.0)
      tty-spinner (>= 0.5.0, < 1.0.0)

GEM
  remote: https://rubygems.org/
  specs:
    CFPropertyList (2.3.6)
    addressable (2.7.0)
      public_suffix (>= 2.0.2, < 5.0)
    ast (2.4.0)
    aws-eventstream (1.0.3)
    aws-partitions (1.219.0)
    aws-sdk-core (3.68.0)
      aws-eventstream (~> 1.0, >= 1.0.2)
      aws-partitions (~> 1.0)
      aws-sigv4 (~> 1.1)
      jmespath (~> 1.0)
    aws-sdk-ec2 (1.110.0)
      aws-sdk-core (~> 3, >= 3.61.1)
      aws-sigv4 (~> 1.1)
    aws-sigv4 (1.1.0)
      aws-eventstream (~> 1.0, >= 1.0.2)
    axiom-types (0.1.1)
      descendants_tracker (~> 0.0.4)
      ice_nine (~> 0.11.0)
      thread_safe (~> 0.3, >= 0.3.1)
    bindata (2.4.4)
    brakeman (4.6.1)
    builder (3.2.3)
    bundle-audit (0.1.0)
      bundler-audit
    bundler-audit (0.6.1)
      bundler (>= 1.2.0, < 3)
      thor (~> 0.18)
    childprocess (0.7.1)
      ffi (~> 1.0, >= 1.0.11)
    codeclimate-engine-rb (0.4.1)
      virtus (~> 1.0)
    coercible (1.0.0)
      descendants_tracker (~> 0.0.1)
    colored (1.2)
    colorize (0.8.1)
    concurrent-ruby (1.1.5)
    connection_pool (2.2.2)
    cri (2.15.6)
    deep_merge (1.2.1)
    descendants_tracker (0.0.4)
      thread_safe (~> 0.3, >= 0.3.1)
    diff-lcs (1.3)
    docker-api (1.34.2)
      excon (>= 0.47.0)
      multi_json
    domain_name (0.5.20190701)
      unf (>= 0.0.5, < 1.0.0)
    equalizer (0.0.11)
    equatable (0.6.1)
    erubis (2.7.0)
    excon (0.67.0)
    facter (2.5.6)
    facter (2.5.6-universal-darwin)
      CFPropertyList (~> 2.2)
    facterdb (0.8.2)
      facter
      jgrep
    faraday (0.13.1)
      multipart-post (>= 1.2, < 3)
    faraday_middleware (0.12.2)
      faraday (>= 0.7.4, < 1.0)
    fast_gettext (1.1.2)
    fasterer (0.7.0)
      colorize (~> 0.7)
      ruby_parser (>= 3.13.0)
    ffi (1.9.25)
    gettext (3.2.9)
      locale (>= 2.0.5)
      text (>= 1.3.0)
    gettext-setup (0.31)
      fast_gettext (~> 1.1.0)
      gettext (>= 3.0.2)
      locale
    gssapi (1.3.0)
      ffi (>= 1.0.1)
    gyoku (1.3.1)
      builder (>= 2.1.2)
    hiera (3.5.0)
    hiera-eyaml (3.0.0)
      highline (~> 1.6.19)
      optimist
    hiera-puppet-helper (1.0.1)
    highline (1.6.21)
    hitimes (1.3.0)
    hocon (1.2.5)
    http-accept (1.7.0)
    http-cookie (1.0.3)
      domain_name (~> 0.5)
    httpclient (2.8.3)
    ice_nine (0.11.2)
    iniparse (1.4.4)
    jaro_winkler (1.5.3)
    jgrep (1.5.0)
    jmespath (1.4.0)
    json (2.2.0)
    json-schema (2.8.0)
      addressable (>= 2.4)
    json_pure (2.1.0)
    kwalify (0.7.2)
    little-plugger (1.1.4)
    locale (2.1.2)
    log4r (1.1.10)
    logging (2.2.2)
      little-plugger (~> 1.1)
      multi_json (~> 1.10)
    mcollective-client (2.12.4)
      json
      stomp
      systemu
    metaclass (0.0.4)
    metadata-json-lint (2.2.0)
      json-schema (~> 2.8)
      spdx-licenses (~> 1.0)
    mime-types (3.3)
      mime-types-data (~> 3.2015)
    mime-types-data (3.2019.0904)
    minitar (0.6.1)
    mocha (1.3.0)
      metaclass (~> 0.0.1)
    multi_json (1.13.1)
    multipart-post (2.1.1)
    necromancer (0.5.0)
    net-http-persistent (3.1.0)
      connection_pool (~> 2.2)
    net-scp (1.2.1)
      net-ssh (>= 2.6.5)
    net-ssh (5.2.0)
    net-telnet (0.1.1)
    netrc (0.11.0)
    nori (2.6.0)
    optimist (3.0.0)
    orchestrator_client (0.4.3)
      faraday
      net-http-persistent
    overcommit (0.50.0)
      childprocess (>= 0.6.3, < 4)
      iniparse (~> 1.4)
    parallel (1.17.0)
    parallel_tests (2.29.2)
      parallel
    parser (2.6.4.1)
      ast (~> 2.4.0)
    pastel (0.7.3)
      equatable (~> 0.6)
      tty-color (~> 0.5)
    pathspec (0.2.1)
    pdk (1.13.0)
      bundler (>= 1.15.0, < 3.0.0)
      childprocess (~> 0.7.1)
      concurrent-ruby (~> 1.1.5)
      cri (~> 2.10)
      deep_merge (~> 1.1)
      diff-lcs (= 1.3)
      facter (~> 2.5.1)
      ffi (~> 1.9.0)
      gettext-setup (~> 0.24)
      hitimes (= 1.3.0)
      httpclient (~> 2.8.3)
      json-schema (= 2.8.0)
      json_pure (~> 2.1.0)
      minitar (~> 0.6.1)
      pathspec (~> 0.2.1)
      tty-prompt (~> 0.13)
      tty-spinner (~> 0.5)
      tty-which (~> 0.3)
    psych (3.1.0)
    public_suffix (4.0.1)
    puppet (6.4.2)
      facter (> 2.0.1, < 4)
      fast_gettext (~> 1.1.2)
      hiera (>= 3.2.1, < 4)
      httpclient (~> 2.8)
      locale (~> 2.1)
      multi_json (~> 1.10)
      puppet-resource_api (~> 1.5)
      semantic_puppet (~> 1.0)
    puppet (6.4.2-universal-darwin)
      CFPropertyList (~> 2.2)
      facter (> 2.0.1, < 4)
      fast_gettext (~> 1.1.2)
      hiera (>= 3.2.1, < 4)
      httpclient (~> 2.8)
      locale (~> 2.1)
      multi_json (~> 1.10)
      puppet-resource_api (~> 1.5)
      semantic_puppet (~> 1.0)
    puppet-blacksmith (5.0.0)
      rest-client (~> 2.0)
    puppet-lint (2.3.6)
    puppet-resource_api (1.8.7)
      hocon (>= 1.0)
    puppet-syntax (2.5.0)
      rake
    puppet_forge (2.3.0)
      faraday (>= 0.9.0, < 0.14.0)
      faraday_middleware (>= 0.9.0, < 0.13.0)
      gettext-setup (~> 0.11)
      minitar
      semantic_puppet (~> 1.0)
    puppetlabs_spec_helper (2.14.1)
      mocha (~> 1.0)
      pathspec (~> 0.2.1)
      puppet-lint (~> 2.0)
      puppet-syntax (~> 2.0)
      rspec-puppet (~> 2.0)
    r10k (3.3.1)
      colored (= 1.2)
      cri (= 2.15.6)
      gettext-setup (~> 0.24)
      log4r (= 1.1.10)
      multi_json (~> 1.10)
      puppet_forge (~> 2.3.0)
    rainbow (3.0.0)
    rake (13.0.0)
    reek (5.4.0)
      codeclimate-engine-rb (~> 0.4.0)
      kwalify (~> 0.7.0)
      parser (>= 2.5.0.0, < 2.7, != 2.5.1.1)
      psych (~> 3.1.0)
      rainbow (>= 2.0, < 4.0)
    rest-client (2.1.0)
      http-accept (>= 1.7.0, < 2.0)
      http-cookie (>= 1.0.2, < 2.0)
      mime-types (>= 1.16, < 4.0)
      netrc (~> 0.8)
    rspec (3.8.0)
      rspec-core (~> 3.8.0)
      rspec-expectations (~> 3.8.0)
      rspec-mocks (~> 3.8.0)
    rspec-core (3.8.2)
      rspec-support (~> 3.8.0)
    rspec-expectations (3.8.4)
      diff-lcs (>= 1.2.0, < 2.0)
      rspec-support (~> 3.8.0)
    rspec-its (1.3.0)
      rspec-core (>= 3.0.0)
      rspec-expectations (>= 3.0.0)
    rspec-mocks (3.8.1)
      diff-lcs (>= 1.2.0, < 2.0)
      rspec-support (~> 3.8.0)
    rspec-puppet (2.7.5)
      rspec
    rspec-puppet-facts (1.9.2)
      facter
      facterdb (>= 0.5.0)
      json
      mcollective-client
      puppet
    rspec-puppet-utils (3.4.0)
      mocha
      puppet
      puppetlabs_spec_helper
      rspec
      rspec-puppet
    rspec-retry (0.6.1)
      rspec-core (> 3.3)
    rspec-support (3.8.2)
    rubocop (0.74.0)
      jaro_winkler (~> 1.5.1)
      parallel (~> 1.10)
      parser (>= 2.6)
      rainbow (>= 2.2.2, < 4.0)
      ruby-progressbar (~> 1.7)
      unicode-display_width (>= 1.4.0, < 1.7)
    rubocop-performance (1.4.1)
      rubocop (>= 0.71.0)
    ruby-progressbar (1.10.1)
    ruby_parser (3.14.0)
      sexp_processor (~> 4.9)
    ruby_smb (1.1.0)
      bindata
      rubyntlm
      windows_error
    rubyntlm (0.6.2)
    rubyzip (1.3.0)
    semantic_puppet (1.0.2)
    serverspec (2.41.5)
      multi_json
      rspec (~> 3.0)
      rspec-its
      specinfra (~> 2.72)
    sexp_processor (4.13.0)
    sfl (2.3)
    spdx-licenses (1.2.0)
    specinfra (2.81.0)
      net-scp
      net-ssh (>= 2.7)
      net-telnet (= 0.1.1)
      sfl
    stomp (1.4.8)
    systemu (2.6.5)
    terminal-table (1.8.0)
      unicode-display_width (~> 1.1, >= 1.1.1)
    text (1.3.1)
    thor (0.20.3)
    thread_safe (0.3.6)
    tty-color (0.5.0)
    tty-cursor (0.7.0)
    tty-prompt (0.19.0)
      necromancer (~> 0.5.0)
      pastel (~> 0.7.0)
      tty-reader (~> 0.6.0)
    tty-reader (0.6.0)
      tty-cursor (~> 0.7)
      tty-screen (~> 0.7)
      wisper (~> 2.0.0)
    tty-screen (0.7.0)
    tty-spinner (0.9.1)
      tty-cursor (~> 0.7)
    tty-which (0.4.1)
    unf (0.1.4)
      unf_ext
    unf_ext (0.0.7.6)
    unicode-display_width (1.6.0)
    virtus (1.0.5)
      axiom-types (~> 0.1)
      coercible (~> 1.0)
      descendants_tracker (~> 0.0, >= 0.0.3)
      equalizer (~> 0.0, >= 0.0.9)
    windows_error (0.1.2)
    winrm (2.3.2)
      builder (>= 2.1.2)
      erubis (~> 2.7)
      gssapi (~> 1.2)
      gyoku (~> 1.0)
      httpclient (~> 2.2, >= 2.2.0.2)
      logging (>= 1.6.1, < 3.0)
      nori (~> 2.0)
      rubyntlm (~> 0.6.0, >= 0.6.1)
    winrm-fs (1.3.2)
      erubis (~> 2.7)
      logging (>= 1.6.1, < 3.0)
      rubyzip (~> 1.1)
      winrm (~> 2.0)
    wisper (2.0.0)

PLATFORMS
  ruby
  x86_64-darwin-17
  x86_64-darwin-18

DEPENDENCIES
  bolt!
  brakeman
  bundle-audit
  easy_type_helpers!
  em_tasks!
  fasterer
  hiera-puppet-helper
  metadata-json-lint
  mocha (= 1.3.0)
  overcommit
  parallel_tests
  pdk (> 1.9.0)
  puppet (= 6.4.2)
  puppet-blacksmith
  puppet-lint
  puppet_litmus!
  puppetlabs_spec_helper
  rake
  reek
  rspec-puppet
  rspec-puppet-facts (= 1.9.2)
  rspec-puppet-utils
  rspec-retry
  rubocop
  rubocop-performance
  serverspec

BUNDLED WITH
   2.0.2
