GIT
  remote: https://github.com/enterprisemodules/easy_type_helpers.git
  revision: a01e45067f11077624b5b89cea452c2dac8bd6c1
  specs:
    easy_type_helpers (1.0.0)

GIT
  remote: https://github.com/enterprisemodules/em_tasks.git
  revision: cd90d16253990d60b174786e5f692fccca62899d
  specs:
    em_tasks (0.1.0)

GIT
  remote: https://github.com/enterprisemodules/puppet-resource_api.git
  revision: 367e90475636c8efef859775c9d85345dff1715b
  ref: fix_issue_314
  specs:
    puppet-resource_api (1.8.17)
      hocon (>= 1.0)

GIT
  remote: https://github.com/puppetlabs/pdk.git
  revision: f4d4a1dd1a68c85624a5cc924f1a93ddad7f2211
  ref: main
  specs:
    pdk (3.0.0.pre)
      bundler (>= 2.1.0, < 3.0.0)
      childprocess (~> 4.1.0)
      concurrent-ruby (= 1.1.10)
      cri (~> 2.15.11)
      deep_merge (~> 1.2.2)
      diff-lcs (>= 1.5.0)
      facter (~> 4.0)
      ffi (>= 1.15.5, < 2.0.0)
      hitimes (= 2.0.0)
      httpclient (~> 2.8.3)
      json-schema (~> 4.0)
      json_pure (~> 2.6.3)
      minitar (~> 0.8)
      pathspec (~> 1.1)
      tty-prompt (~> 0.23)
      tty-spinner (~> 0.9)
      tty-which (~> 0.5)

GEM
  remote: https://rubygems.org/
  specs:
    CFPropertyList (2.3.6)
    addressable (2.8.4)
      public_suffix (>= 2.0.2, < 6.0)
    ast (2.4.2)
    aws-eventstream (1.2.0)
    aws-partitions (1.780.0)
    aws-sdk-core (3.175.0)
      aws-eventstream (~> 1, >= 1.0.2)
      aws-partitions (~> 1, >= 1.651.0)
      aws-sigv4 (~> 1.5)
      jmespath (~> 1, >= 1.6.1)
    aws-sdk-ec2 (1.385.0)
      aws-sdk-core (~> 3, >= 3.174.0)
      aws-sigv4 (~> 1.1)
    aws-sigv4 (1.5.2)
      aws-eventstream (~> 1, >= 1.0.2)
    bindata (2.4.15)
    bolt (3.27.1)
      CFPropertyList (~> 2.2)
      addressable (~> 2.5)
      aws-sdk-ec2 (~> 1)
      concurrent-ruby (~> 1.0, < 1.2.0)
      ffi (>= 1.9.25, < 2.0.0)
      hiera-eyaml (~> 3)
      jwt (~> 2.2)
      logging (~> 2.2)
      minitar (~> 0.6)
      net-scp (~> 1.2)
      net-ssh (>= 4.0, < 8.0)
      net-ssh-krb (~> 0.5)
      orchestrator_client (~> 0.5)
      puppet (>= 6.18.0)
      puppet-resource_api (>= 1.8.1)
      puppet-strings (>= 2.3.0, < 4.0)
      puppetfile-resolver (>= 0.6.2, < 1.0)
      r10k (~> 3.10)
      ruby_smb (~> 1.0)
      terminal-table (~> 3.0)
      winrm (~> 2.0)
      winrm-fs (~> 1.3)
    brakeman (6.0.0)
    builder (3.2.4)
    bundle-audit (0.1.0)
      bundler-audit
    bundler-audit (0.9.1)
      bundler (>= 1.2.0, < 3)
      thor (~> 1.0)
    byebug (11.1.3)
    childprocess (4.1.0)
    colored2 (3.1.2)
    colorize (0.8.1)
    concurrent-ruby (1.1.10)
    connection_pool (2.4.1)
    cri (2.15.11)
    deep_merge (1.2.2)
    dependency_checker (1.0.0)
      parallel
      puppet_forge (>= 2.2, < 4.0)
      rake (~> 13.0)
      semantic_puppet (~> 1.0)
    diff-lcs (1.5.0)
    docker-api (2.2.0)
      excon (>= 0.47.0)
      multi_json
    erubi (1.12.0)
    excon (0.100.0)
    facter (4.4.1)
      hocon (~> 1.3)
      thor (>= 1.0.1, < 2.0)
    facterdb (1.21.0)
      facter (< 5.0.0)
      jgrep
    faraday (1.10.3)
      faraday-em_http (~> 1.0)
      faraday-em_synchrony (~> 1.0)
      faraday-excon (~> 1.1)
      faraday-httpclient (~> 1.0)
      faraday-multipart (~> 1.0)
      faraday-net_http (~> 1.0)
      faraday-net_http_persistent (~> 1.0)
      faraday-patron (~> 1.0)
      faraday-rack (~> 1.0)
      faraday-retry (~> 1.0)
      ruby2_keywords (>= 0.0.4)
    faraday-em_http (1.0.0)
    faraday-em_synchrony (1.0.0)
    faraday-excon (1.1.0)
    faraday-httpclient (1.0.1)
    faraday-multipart (1.0.4)
      multipart-post (~> 2)
    faraday-net_http (1.0.1)
    faraday-net_http_persistent (1.2.0)
    faraday-patron (1.0.0)
    faraday-rack (1.0.0)
    faraday-retry (1.0.3)
    faraday_middleware (1.2.0)
      faraday (~> 1.0)
    fast_gettext (2.3.0)
    fasterer (0.10.1)
      colorize (~> 0.7)
      ruby_parser (>= 3.19.1)
    ffi (1.15.5)
    forwardable (1.3.3)
    gettext (3.4.4)
      erubi
      locale (>= 2.0.5)
      prime
      racc
      text (>= 1.3.0)
    gettext-setup (1.1.0)
      fast_gettext (~> 2.1)
      gettext (~> 3.4)
      locale
    gssapi (1.3.1)
      ffi (>= 1.0.1)
    gyoku (1.4.0)
      builder (>= 2.1.2)
      rexml (~> 3.0)
    hiera-eyaml (3.4.0)
      highline
      optimist
    hiera-puppet-helper (1.0.1)
    highline (2.1.0)
    hitimes (2.0.0)
    hocon (1.4.0)
    httpclient (2.8.3)
    iniparse (1.5.0)
    jgrep (1.5.4)
    jmespath (1.6.2)
    json (2.6.3)
    json-schema (4.0.0)
      addressable (>= 2.8)
    json_pure (2.6.3)
    jwt (2.2.3)
    kwalify (0.7.2)
    little-plugger (1.1.4)
    locale (2.1.3)
    log4r (1.1.10)
    logging (2.3.1)
      little-plugger (~> 1.1)
      multi_json (~> 1.14)
    metadata-json-lint (3.0.3)
      json-schema (>= 2.8, < 5.0)
      spdx-licenses (~> 1.0)
    minitar (0.9)
    mocha (1.16.1)
    molinillo (0.8.0)
    multi_json (1.15.0)
    multipart-post (2.3.0)
    net-http-persistent (4.0.2)
      connection_pool (~> 2.2)
    net-scp (1.2.1)
      net-ssh (>= 2.6.5)
    net-ssh (7.1.0)
    net-ssh-krb (0.5.1)
      gssapi (~> 1.3.0)
      net-ssh (>= 2.0)
    net-telnet (0.1.1)
    nori (2.6.0)
    optimist (3.0.1)
    orchestrator_client (0.7.0)
      faraday (~> 1.4)
      net-http-persistent (~> 4.0)
    overcommit (0.60.0)
      childprocess (>= 0.6.3, < 5)
      iniparse (~> 1.4)
      rexml (~> 3.2)
    parallel (1.23.0)
    parallel_tests (4.2.1)
      parallel
    parser (3.2.2.3)
      ast (~> 2.4.1)
      racc
    pastel (0.8.0)
      tty-color (~> 0.5)
    pathspec (1.1.3)
    prime (0.1.2)
      forwardable
      singleton
    public_suffix (5.0.1)
    puppet (8.0.1)
      concurrent-ruby (~> 1.0, < 1.2.0)
      deep_merge (~> 1.0)
      facter (>= 4.3.0, < 5)
      fast_gettext (>= 2.1, < 3)
      locale (~> 2.1)
      multi_json (~> 1.13)
      puppet-resource_api (~> 1.5)
      scanf (~> 1.0)
      semantic_puppet (~> 1.0)
    puppet (8.0.1-universal-darwin)
      CFPropertyList (~> 2.2)
      concurrent-ruby (~> 1.0, < 1.2.0)
      deep_merge (~> 1.0)
      facter (>= 4.3.0, < 5)
      fast_gettext (>= 2.1, < 3)
      locale (~> 2.1)
      multi_json (~> 1.13)
      puppet-resource_api (~> 1.5)
      scanf (~> 1.0)
      semantic_puppet (~> 1.0)
    puppet-catalog_rspec (0.1.0)
    puppet-lint (4.0.0)
    puppet-lint-absolute_classname-check (4.0.0)
      puppet-lint (>= 3.0, < 5)
    puppet-lint-anchor-check (2.0.0)
      puppet-lint (>= 3, < 5)
    puppet-lint-file_ensure-check (2.0.0)
      puppet-lint (>= 3, < 5)
    puppet-lint-leading_zero-check (2.0.0)
      puppet-lint (>= 3, < 5)
    puppet-lint-lookup_in_parameter-check (2.0.0)
      puppet-lint (>= 3, < 5)
    puppet-lint-manifest_whitespace-check (0.3.0)
      puppet-lint (>= 1.0, < 5)
    puppet-lint-optional_default-check (2.0.0)
      puppet-lint (>= 3, < 5)
    puppet-lint-param-docs (2.0.0)
      puppet-lint (>= 3, < 5)
    puppet-lint-param-types (2.0.0)
      puppet-lint (>= 3, < 5)
    puppet-lint-params_empty_string-check (2.0.0)
      puppet-lint (>= 3, < 5)
    puppet-lint-resource_reference_syntax (2.0.0)
      puppet-lint (>= 3, < 5)
    puppet-lint-strict_indent-check (3.0.0)
      puppet-lint (>= 3, < 5)
    puppet-lint-topscope-variable-check (2.0.0)
      puppet-lint (>= 3, < 5)
    puppet-lint-trailing_comma-check (2.0.0)
      puppet-lint (>= 3, < 5)
    puppet-lint-unquoted_string-check (3.0.0)
      puppet-lint (>= 3, < 5)
    puppet-lint-variable_contains_upcase (2.0.0)
      puppet-lint (>= 3, < 5)
    puppet-lint-version_comparison-check (2.0.0)
      puppet-lint (>= 3, < 5)
    puppet-modulebuilder (1.0.0)
      minitar (~> 0.9)
      pathspec (>= 0.2.1, < 2.0.0)
    puppet-strings (3.0.1)
      rgen (~> 0.9.0)
      yard (~> 0.9.5)
    puppet-syntax (3.3.0)
      puppet (>= 5)
      rake
    puppet_forge (3.2.0)
      faraday (~> 1.3)
      faraday_middleware (~> 1.0)
      minitar
      semantic_puppet (~> 1.0)
    puppet_litmus (1.0.3)
      bolt (~> 3.0)
      docker-api (>= 1.34, < 3.0.0)
      parallel
      puppet-modulebuilder (>= 0.3.0)
      retryable (~> 3.0)
      rspec
      tty-spinner (>= 0.5.0, < 1.0.0)
    puppetfile-resolver (0.6.2)
      molinillo (~> 0.6)
      semantic_puppet (~> 1.0)
    puppetlabs_spec_helper (6.0.1)
      mocha (~> 1.0)
      pathspec (>= 0.2, < 2.0.0)
      puppet-lint (>= 3.0.0)
      puppet-syntax (~> 3.0)
      rspec-github (~> 2.0)
      rspec-puppet (>= 2.0)
    r10k (3.15.4)
      colored2 (= 3.1.2)
      cri (>= 2.15.10)
      fast_gettext (>= 1.1.0, < 3.0.0)
      gettext (>= 3.0.2, < 4.0.0)
      gettext-setup (>= 0.24, < 2.0.0)
      jwt (~> 2.2.3)
      log4r (= 1.1.10)
      minitar (~> 0.9)
      multi_json (~> 1.10)
      puppet_forge (>= 2.3.0, < 4.0.0)
    racc (1.7.1)
    rainbow (3.1.1)
    rake (13.0.6)
    reek (6.1.4)
      kwalify (~> 0.7.0)
      parser (~> 3.2.0)
      rainbow (>= 2.0, < 4.0)
    regexp_parser (2.8.1)
    retryable (3.0.5)
    rexml (3.2.5)
    rgen (0.9.1)
    rspec (3.12.0)
      rspec-core (~> 3.12.0)
      rspec-expectations (~> 3.12.0)
      rspec-mocks (~> 3.12.0)
    rspec-core (3.12.2)
      rspec-support (~> 3.12.0)
    rspec-expectations (3.12.3)
      diff-lcs (>= 1.2.0, < 2.0)
      rspec-support (~> 3.12.0)
    rspec-github (2.4.0)
      rspec-core (~> 3.0)
    rspec-its (1.3.0)
      rspec-core (>= 3.0.0)
      rspec-expectations (>= 3.0.0)
    rspec-mocks (3.12.5)
      diff-lcs (>= 1.2.0, < 2.0)
      rspec-support (~> 3.12.0)
    rspec-puppet (3.0.0)
      rspec
    rspec-puppet-facts (2.0.5)
      facter
      facterdb (>= 0.5.0)
      puppet
    rspec-puppet-utils (3.4.0)
      mocha
      puppet
      puppetlabs_spec_helper
      rspec
      rspec-puppet
    rspec-retry (0.6.2)
      rspec-core (> 3.3)
    rspec-support (3.12.0)
    rubocop (1.52.1)
      json (~> 2.3)
      parallel (~> 1.10)
      parser (>= 3.2.2.3)
      rainbow (>= 2.2.2, < 4.0)
      regexp_parser (>= 1.8, < 3.0)
      rexml (>= 3.2.5, < 4.0)
      rubocop-ast (>= 1.28.0, < 2.0)
      ruby-progressbar (~> 1.7)
      unicode-display_width (>= 2.4.0, < 3.0)
    rubocop-ast (1.29.0)
      parser (>= 3.2.1.0)
    rubocop-capybara (2.18.0)
      rubocop (~> 1.41)
    rubocop-factory_bot (2.23.1)
      rubocop (~> 1.33)
    rubocop-performance (1.18.0)
      rubocop (>= 1.7.0, < 2.0)
      rubocop-ast (>= 0.4.0)
    rubocop-rspec (2.22.0)
      rubocop (~> 1.33)
      rubocop-capybara (~> 2.17)
      rubocop-factory_bot (~> 2.22)
    ruby-progressbar (1.13.0)
    ruby2_keywords (0.0.5)
    ruby_parser (3.20.2)
      sexp_processor (~> 4.16)
    ruby_smb (1.1.0)
      bindata
      rubyntlm
      windows_error
    rubyntlm (0.6.3)
    rubyzip (2.3.2)
    scanf (1.0.0)
    semantic_puppet (1.1.0)
    serverspec (2.42.2)
      multi_json
      rspec (~> 3.0)
      rspec-its
      specinfra (~> 2.72)
    sexp_processor (4.17.0)
    sfl (2.3)
    singleton (0.1.1)
    spdx-licenses (1.3.0)
    specinfra (2.86.0)
      net-scp
      net-ssh (>= 2.7)
      net-telnet (= 0.1.1)
      sfl
    terminal-table (3.0.2)
      unicode-display_width (>= 1.1.1, < 3)
    text (1.3.1)
    thor (1.2.2)
    tty-color (0.6.0)
    tty-cursor (0.7.1)
    tty-prompt (0.23.1)
      pastel (~> 0.8)
      tty-reader (~> 0.8)
    tty-reader (0.9.0)
      tty-cursor (~> 0.7)
      tty-screen (~> 0.8)
      wisper (~> 2.0)
    tty-screen (0.8.1)
    tty-spinner (0.9.3)
      tty-cursor (~> 0.7)
    tty-which (0.5.0)
    unicode-display_width (2.4.2)
    voxpupuli-puppet-lint-plugins (5.0.0)
      puppet-lint (~> 4.0)
      puppet-lint-absolute_classname-check (~> 4.0)
      puppet-lint-anchor-check (~> 2.0)
      puppet-lint-file_ensure-check (~> 2.0)
      puppet-lint-leading_zero-check (~> 2.0)
      puppet-lint-lookup_in_parameter-check (~> 2.0)
      puppet-lint-manifest_whitespace-check (~> 0.3, < 1.0.0)
      puppet-lint-optional_default-check (~> 2.0)
      puppet-lint-param-docs (~> 2.0)
      puppet-lint-param-types (~> 2.0)
      puppet-lint-params_empty_string-check (~> 2.0)
      puppet-lint-resource_reference_syntax (~> 2.0)
      puppet-lint-strict_indent-check (~> 3.0)
      puppet-lint-topscope-variable-check (~> 2.0)
      puppet-lint-trailing_comma-check (~> 2.0)
      puppet-lint-unquoted_string-check (~> 3.0)
      puppet-lint-variable_contains_upcase (~> 2.0)
      puppet-lint-version_comparison-check (~> 2.0)
    windows_error (0.1.5)
    winrm (2.3.6)
      builder (>= 2.1.2)
      erubi (~> 1.8)
      gssapi (~> 1.2)
      gyoku (~> 1.0)
      httpclient (~> 2.2, >= 2.2.0.2)
      logging (>= 1.6.1, < 3.0)
      nori (~> 2.0)
      rubyntlm (~> 0.6.0, >= 0.6.3)
    winrm-fs (1.3.5)
      erubi (~> 1.8)
      logging (>= 1.6.1, < 3.0)
      rubyzip (~> 2.0)
      winrm (~> 2.0)
    wisper (2.0.1)
    yard (0.9.34)

PLATFORMS
  x86_64-darwin-22
  x86_64-darwin-23
  x86_64-linux

DEPENDENCIES
  bolt
  brakeman
  bundle-audit
  byebug
  dependency_checker
  easy_type_helpers!
  em_tasks!
  fasterer
  gettext
  hiera-puppet-helper
  metadata-json-lint
  overcommit
  parallel_tests
  pdk!
  puppet (= 8.0.1)
  puppet-catalog_rspec
  puppet-lint
  puppet-lint-param-types
  puppet-resource_api!
  puppet_litmus
  puppetlabs_spec_helper
  rake
  reek
  rexml
  rspec-expectations
  rspec-puppet
  rspec-puppet-facts
  rspec-puppet-utils
  rspec-retry
  rubocop
  rubocop-performance
  rubocop-rspec
  serverspec
  voxpupuli-puppet-lint-plugins

BUNDLED WITH
   2.4.10
