GIT
  remote: https://github.com/enterprisemodules/easy_type_helpers.git
  revision: 8bfdcd0fbd96af7896849729c163838707493a36
  specs:
    easy_type_helpers (1.0.0)

GIT
  remote: https://github.com/enterprisemodules/em_tasks.git
  revision: b68c4a3a19239cdd16a07a028b893d91414208ef
  specs:
    em_tasks (0.1.0)

GEM
  remote: https://rubygems.org/
  specs:
    CFPropertyList (2.3.6)
    addressable (2.8.1)
      public_suffix (>= 2.0.2, < 6.0)
    ast (2.4.2)
    aws-eventstream (1.2.0)
    aws-partitions (1.647.0)
    aws-sdk-core (3.161.0)
      aws-eventstream (~> 1, >= 1.0.2)
      aws-partitions (~> 1, >= 1.525.0)
      aws-sigv4 (~> 1.1)
      jmespath (~> 1, >= 1.6.1)
    aws-sdk-ec2 (1.341.0)
      aws-sdk-core (~> 3, >= 3.127.0)
      aws-sigv4 (~> 1.1)
    aws-sigv4 (1.5.2)
      aws-eventstream (~> 1, >= 1.0.2)
    bindata (2.4.13)
    bolt (3.26.1)
      CFPropertyList (~> 2.2)
      addressable (~> 2.5)
      aws-sdk-ec2 (~> 1)
      concurrent-ruby (~> 1.0)
      ffi (>= 1.9.25, < 2.0.0)
      hiera-eyaml (~> 3)
      jwt (~> 2.2)
      logging (~> 2.2)
      minitar (~> 0.6)
      net-scp (~> 1.2)
      net-ssh (>= 4.0, < 7.0)
      net-ssh-krb (~> 0.5)
      orchestrator_client (~> 0.5)
      puppet (>= 6.18.0)
      puppet-resource_api (>= 1.8.1)
      puppet-strings (~> 2.3)
      puppetfile-resolver (>= 0.6.2, < 1.0)
      r10k (~> 3.10)
      ruby_smb (~> 1.0)
      terminal-table (~> 3.0)
      winrm (~> 2.0)
      winrm-fs (~> 1.3)
    brakeman (5.3.1)
    builder (3.2.4)
    bundle-audit (0.1.0)
      bundler-audit
    bundler-audit (0.9.1)
      bundler (>= 1.2.0, < 3)
      thor (~> 1.0)
    childprocess (4.0.0)
    colored2 (3.1.2)
    colorize (0.8.1)
    concurrent-ruby (1.1.10)
    connection_pool (2.3.0)
    cri (2.15.11)
    deep_merge (1.2.2)
    diff-lcs (1.4.4)
    docker-api (2.2.0)
      excon (>= 0.47.0)
      multi_json
    domain_name (0.5.20190701)
      unf (>= 0.0.5, < 1.0.0)
    erubi (1.11.0)
    excon (0.93.0)
    facter (4.2.13)
      hocon (~> 1.3)
      thor (>= 1.0.1, < 2.0)
    facterdb (1.19.0)
      facter (< 5.0.0)
      jgrep
    faraday (1.10.2)
      faraday-em_http (~> 1.0)
      faraday-em_synchrony (~> 1.0)
      faraday-excon (~> 1.1)
      faraday-httpclient (~> 1.0)
      faraday-multipart (~> 1.0)
      faraday-net_http (~> 1.0)
      faraday-net_http_persistent (~> 1.0)
      faraday-patron (~> 1.0)
      faraday-rack (~> 1.0)
      faraday-retry (~> 1.0)
      ruby2_keywords (>= 0.0.4)
    faraday-em_http (1.0.0)
    faraday-em_synchrony (1.0.0)
    faraday-excon (1.1.0)
    faraday-httpclient (1.0.1)
    faraday-multipart (1.0.4)
      multipart-post (~> 2)
    faraday-net_http (1.0.1)
    faraday-net_http_persistent (1.2.0)
    faraday-patron (1.0.0)
    faraday-rack (1.0.0)
    faraday-retry (1.0.3)
    faraday_middleware (1.2.0)
      faraday (~> 1.0)
    fast_gettext (1.1.2)
    fasterer (0.10.0)
      colorize (~> 0.7)
      ruby_parser (>= 3.19.1)
    ffi (1.15.5)
    ffi-compiler (1.0.1)
      ffi (>= 1.0.0)
      rake
    forwardable (1.3.2)
    gettext (3.4.3)
      erubi
      locale (>= 2.0.5)
      prime
      text (>= 1.3.0)
    gettext-setup (0.31)
      fast_gettext (~> 1.1.0)
      gettext (>= 3.0.2)
      locale
    gssapi (1.3.1)
      ffi (>= 1.0.1)
    gyoku (1.4.0)
      builder (>= 2.1.2)
      rexml (~> 3.0)
    hiera (3.10.0)
    hiera-eyaml (3.3.0)
      highline
      optimist
    hiera-puppet-helper (1.0.1)
    highline (2.0.3)
    hitimes (2.0.0)
    hocon (1.3.1)
    honeycomb-beeline (2.11.0)
      libhoney (>= 1.14.2)
    http (5.1.0)
      addressable (~> 2.8)
      http-cookie (~> 1.0)
      http-form_data (~> 2.2)
      llhttp-ffi (~> 0.4.0)
    http-accept (1.7.0)
    http-cookie (1.0.5)
      domain_name (~> 0.5)
    http-form_data (2.3.0)
    httpclient (2.8.3)
    iniparse (1.5.0)
    jgrep (1.5.4)
    jmespath (1.6.1)
    json (2.6.2)
    json-schema (2.8.0)
      addressable (>= 2.4)
    json_pure (2.5.1)
    jwt (2.2.3)
    kwalify (0.7.2)
    libhoney (2.2.0)
      addressable (~> 2.0)
      excon
      http (>= 2.0, < 6.0)
    little-plugger (1.1.4)
    llhttp-ffi (0.4.0)
      ffi-compiler (~> 1.0)
      rake (~> 13.0)
    locale (2.1.3)
    log4r (1.1.10)
    logging (2.3.1)
      little-plugger (~> 1.1)
      multi_json (~> 1.14)
    metadata-json-lint (3.0.2)
      json-schema (>= 2.8, < 4.0)
      spdx-licenses (~> 1.0)
    mime-types (3.4.1)
      mime-types-data (~> 3.2015)
    mime-types-data (3.2022.0105)
    minitar (0.9)
    mocha (1.16.0)
    molinillo (0.8.0)
    multi_json (1.15.0)
    multipart-post (2.2.3)
    net-http-persistent (4.0.1)
      connection_pool (~> 2.2)
    net-scp (1.2.1)
      net-ssh (>= 2.6.5)
    net-ssh (6.1.0)
    net-ssh-krb (0.5.1)
      gssapi (~> 1.3.0)
      net-ssh (>= 2.0)
    net-telnet (0.1.1)
    netrc (0.11.0)
    nori (2.6.0)
    optimist (3.0.1)
    orchestrator_client (0.6.1)
      faraday (~> 1.4)
      net-http-persistent (~> 4.0)
    overcommit (0.59.1)
      childprocess (>= 0.6.3, < 5)
      iniparse (~> 1.4)
      rexml (~> 3.2)
    parallel (1.22.1)
    parallel_tests (3.13.0)
      parallel
    parser (3.1.2.1)
      ast (~> 2.4.1)
    pastel (0.8.0)
      tty-color (~> 0.5)
    pathspec (0.2.1)
    pdk (2.5.0)
      bundler (>= 1.15.0, < 3.0.0)
      childprocess (~> 4.0.0)
      concurrent-ruby (~> 1.1.5)
      cri (~> 2.10)
      deep_merge (~> 1.1)
      diff-lcs (>= 1.4.4, < 1.5)
      facter (>= 2.5.1, < 5.0.0)
      ffi (>= 1.9.25, < 2.0.0)
      gettext-setup (~> 0.24)
      hitimes (= 2.0.0)
      httpclient (~> 2.8.3)
      json-schema (= 2.8.0)
      json_pure (~> 2.5.1)
      minitar (~> 0.6)
      pathspec (~> 0.2.1)
      tty-prompt (~> 0.22)
      tty-spinner (~> 0.5)
      tty-which (~> 0.3)
    prime (0.1.2)
      forwardable
      singleton
    public_suffix (5.0.0)
    puppet (7.1.0-universal-darwin)
      CFPropertyList (~> 2.2)
      concurrent-ruby (~> 1.0)
      deep_merge (~> 1.0)
      facter (> 2.0.1, < 5)
      fast_gettext (~> 1.1)
      hiera (>= 3.2.1, < 4)
      locale (~> 2.1)
      multi_json (~> 1.10)
      puppet-resource_api (~> 1.5)
      scanf (~> 1.0)
      semantic_puppet (~> 1.0)
    puppet-blacksmith (6.1.1)
      puppet-modulebuilder (~> 0.2)
      rest-client (~> 2.0)
    puppet-lint (2.5.2)
    puppet-lint-absolute_classname-check (3.0.1)
      puppet-lint (>= 1.0, < 3.0)
    puppet-lint-absolute_template_path (1.0.1)
      puppet-lint (>= 1.1, < 3.0)
    puppet-lint-anchor-check (1.0.1)
      puppet-lint (>= 1.1, < 3.0)
    puppet-lint-appends-check (1.0.0)
      puppet-lint (>= 1.0, < 3.0)
    puppet-lint-class_parameter-check (0.3.0)
      puppet-lint (~> 2.0)
    puppet-lint-classes_and_types_beginning_with_digits-check (1.0.0)
      puppet-lint (>= 1.0, < 3.0)
    puppet-lint-empty_lines_around_body-check (0.1.1)
      puppet-lint (~> 2.0)
    puppet-lint-empty_trailing_lines (0.0.1)
      puppet-lint (>= 2.0, < 3.0)
    puppet-lint-explicit_hiera_class_param_lookup-check (0.1.2)
      puppet-lint (>= 1.1, < 3.0)
    puppet-lint-file_ensure-check (1.0.0)
      puppet-lint (>= 1.0, < 3.0)
    puppet-lint-leading_zero-check (1.0.0)
      puppet-lint (>= 1.0, < 3.0)
    puppet-lint-legacy_facts-check (1.0.4)
      puppet-lint (~> 2.4)
    puppet-lint-lookup_in_parameter-check (1.0.0)
      puppet-lint (~> 2.0)
    puppet-lint-manifest_whitespace-check (0.2.5)
      puppet-lint (>= 1.0, < 3.0)
    puppet-lint-no_erb_template-check (1.0.0)
      puppet-lint (>= 1.1, < 3.0)
    puppet-lint-no_file_path_attribute-check (0.1.1)
      puppet-lint (>= 1.1, < 3.0)
    puppet-lint-no_symbolic_file_modes-check (1.0.2)
      puppet-lint (>= 1.1, < 3.0)
    puppet-lint-numericvariable (1.0.3)
      puppet-lint (>= 1.0, < 3.0)
    puppet-lint-optional_default-check (1.0.0)
      puppet-lint (>= 2.1, < 3.0)
    puppet-lint-package_ensure-check (0.2.0)
      puppet-lint (>= 1.0)
    puppet-lint-param-docs (1.7.5)
      puppet-lint (>= 1.1, < 3.0)
    puppet-lint-param-types (0.0.1)
      puppet-lint (>= 1.1, < 3.0)
    puppet-lint-params_empty_string-check (1.0.0)
      puppet-lint (~> 2.5)
    puppet-lint-recurse_file-check (0.2.0)
      puppet-lint (>= 1.1, < 3.0)
    puppet-lint-resource_reference_syntax (1.1.0)
      puppet-lint (>= 1.0, < 3.0)
    puppet-lint-strict_indent-check (2.0.8)
      puppet-lint (> 1.0)
    puppet-lint-template_file_extension-check (0.1.3)
      puppet-lint (>= 1.1, < 3.0)
    puppet-lint-top_scope_facts-check (1.0.1)
      puppet-lint (~> 2.0)
    puppet-lint-topscope-variable-check (1.1.0)
      puppet-lint (~> 2.0)
    puppet-lint-trailing_comma-check (0.4.3)
      puppet-lint (>= 1.0, < 3.0)
    puppet-lint-uncuddled_else-check (0.1.1)
      puppet-lint (~> 2.0)
    puppet-lint-unquoted_string-check (2.1.0)
      puppet-lint (>= 2.1, < 3.0)
    puppet-lint-variable_contains_upcase (1.2.0)
      puppet-lint (>= 1.0, < 3.0)
    puppet-lint-version_comparison-check (1.0.0)
      puppet-lint (>= 1.0, < 3.0)
    puppet-lint-world_writable_files-check (0.0.2)
      puppet-lint (>= 1.1, < 3.0)
    puppet-modulebuilder (0.3.0)
      minitar (~> 0.9)
      pathspec (>= 0.2.1, < 2.0.0)
    puppet-resource_api (1.8.14)
      hocon (>= 1.0)
    puppet-strings (2.9.0)
      rgen
      yard (~> 0.9.5)
    puppet-syntax (3.2.1)
      puppet (>= 5)
      rake
    puppet_forge (3.2.0)
      faraday (~> 1.3)
      faraday_middleware (~> 1.0)
      minitar
      semantic_puppet (~> 1.0)
    puppet_litmus (0.34.3)
      bolt (~> 3.0)
      docker-api (>= 1.34, < 3.0.0)
      honeycomb-beeline
      parallel
      puppet-modulebuilder (>= 0.2.1, < 1.0.0)
      retryable (~> 3.0)
      rspec
      rspec_honeycomb_formatter
      tty-spinner (>= 0.5.0, < 1.0.0)
    puppetfile-resolver (0.6.2)
      molinillo (~> 0.6)
      semantic_puppet (~> 1.0)
    puppetlabs_spec_helper (2.16.0)
      mocha (~> 1.0)
      pathspec (>= 0.2.1, < 1.1.0)
      puppet-lint (~> 2.0)
      puppet-syntax (>= 2.0, < 4)
      rspec-puppet (~> 2.0)
    r10k (3.15.2)
      colored2 (= 3.1.2)
      cri (>= 2.15.10)
      fast_gettext (>= 1.1.0, < 3.0.0)
      gettext (>= 3.0.2, < 4.0.0)
      gettext-setup (~> 0.24)
      jwt (~> 2.2.3)
      log4r (= 1.1.10)
      minitar (~> 0.9)
      multi_json (~> 1.10)
      puppet_forge (>= 2.3.0)
    rainbow (3.1.1)
    rake (13.0.6)
    reek (6.1.1)
      kwalify (~> 0.7.0)
      parser (~> 3.1.0)
      rainbow (>= 2.0, < 4.0)
    regexp_parser (2.6.0)
    rest-client (2.1.0)
      http-accept (>= 1.7.0, < 2.0)
      http-cookie (>= 1.0.2, < 2.0)
      mime-types (>= 1.16, < 4.0)
      netrc (~> 0.8)
    retryable (3.0.5)
    rexml (3.2.5)
    rgen (0.9.0)
    rspec (3.11.0)
      rspec-core (~> 3.11.0)
      rspec-expectations (~> 3.11.0)
      rspec-mocks (~> 3.11.0)
    rspec-core (3.11.0)
      rspec-support (~> 3.11.0)
    rspec-expectations (3.11.1)
      diff-lcs (>= 1.2.0, < 2.0)
      rspec-support (~> 3.11.0)
    rspec-its (1.3.0)
      rspec-core (>= 3.0.0)
      rspec-expectations (>= 3.0.0)
    rspec-mocks (3.11.1)
      diff-lcs (>= 1.2.0, < 2.0)
      rspec-support (~> 3.11.0)
    rspec-puppet (2.12.0)
      rspec
    rspec-puppet-facts (2.0.5)
      facter
      facterdb (>= 0.5.0)
      puppet
    rspec-puppet-utils (3.4.0)
      mocha
      puppet
      puppetlabs_spec_helper
      rspec
      rspec-puppet
    rspec-retry (0.6.2)
      rspec-core (> 3.3)
    rspec-support (3.11.1)
    rspec_honeycomb_formatter (0.2.1)
      honeycomb-beeline
      rspec-core (~> 3.0)
    rubocop (1.36.0)
      json (~> 2.3)
      parallel (~> 1.10)
      parser (>= 3.1.2.1)
      rainbow (>= 2.2.2, < 4.0)
      regexp_parser (>= 1.8, < 3.0)
      rexml (>= 3.2.5, < 4.0)
      rubocop-ast (>= 1.20.1, < 2.0)
      ruby-progressbar (~> 1.7)
      unicode-display_width (>= 1.4.0, < 3.0)
    rubocop-ast (1.22.0)
      parser (>= 3.1.1.0)
    rubocop-performance (1.15.0)
      rubocop (>= 1.7.0, < 2.0)
      rubocop-ast (>= 0.4.0)
    ruby-progressbar (1.11.0)
    ruby2_keywords (0.0.5)
    ruby_parser (3.19.1)
      sexp_processor (~> 4.16)
    ruby_smb (1.1.0)
      bindata
      rubyntlm
      windows_error
    rubyntlm (0.6.3)
    rubyzip (2.3.2)
    scanf (1.0.0)
    semantic_puppet (1.0.4)
    serverspec (2.42.0)
      multi_json
      rspec (~> 3.0)
      rspec-its
      specinfra (~> 2.72)
    sexp_processor (4.16.1)
    sfl (2.3)
    singleton (0.1.1)
    spdx-licenses (1.3.0)
    specinfra (2.83.3)
      net-scp
      net-ssh (>= 2.7)
      net-telnet (= 0.1.1)
      sfl
    terminal-table (3.0.2)
      unicode-display_width (>= 1.1.1, < 3)
    text (1.3.1)
    thor (1.2.1)
    tty-color (0.6.0)
    tty-cursor (0.7.1)
    tty-prompt (0.23.1)
      pastel (~> 0.8)
      tty-reader (~> 0.8)
    tty-reader (0.9.0)
      tty-cursor (~> 0.7)
      tty-screen (~> 0.8)
      wisper (~> 2.0)
    tty-screen (0.8.1)
    tty-spinner (0.9.3)
      tty-cursor (~> 0.7)
    tty-which (0.5.0)
    unf (0.1.4)
      unf_ext
    unf_ext (0.0.8.2)
    unicode-display_width (2.3.0)
    voxpupuli-puppet-lint-plugins (3.0.0)
      puppet-lint (>= 2.5.0)
      puppet-lint-absolute_classname-check (>= 2.0.0)
      puppet-lint-anchor-check
      puppet-lint-classes_and_types_beginning_with_digits-check
      puppet-lint-file_ensure-check
      puppet-lint-leading_zero-check
      puppet-lint-legacy_facts-check
      puppet-lint-lookup_in_parameter-check
      puppet-lint-manifest_whitespace-check
      puppet-lint-optional_default-check
      puppet-lint-param-docs
      puppet-lint-param-types
      puppet-lint-params_empty_string-check
      puppet-lint-resource_reference_syntax
      puppet-lint-strict_indent-check
      puppet-lint-top_scope_facts-check
      puppet-lint-topscope-variable-check
      puppet-lint-trailing_comma-check
      puppet-lint-unquoted_string-check
      puppet-lint-variable_contains_upcase
      puppet-lint-version_comparison-check
    webrick (1.7.0)
    windows_error (0.1.4)
    winrm (2.3.6)
      builder (>= 2.1.2)
      erubi (~> 1.8)
      gssapi (~> 1.2)
      gyoku (~> 1.0)
      httpclient (~> 2.2, >= 2.2.0.2)
      logging (>= 1.6.1, < 3.0)
      nori (~> 2.0)
      rubyntlm (~> 0.6.0, >= 0.6.3)
    winrm-fs (1.3.5)
      erubi (~> 1.8)
      logging (>= 1.6.1, < 3.0)
      rubyzip (~> 2.0)
      winrm (~> 2.0)
    wisper (2.0.1)
    yard (0.9.28)
      webrick (~> 1.7.0)

PLATFORMS
  x86_64-darwin-19

DEPENDENCIES
  bolt
  brakeman
  bundle-audit
  easy_type_helpers!
  em_tasks!
  fasterer
  gettext
  hiera-puppet-helper
  metadata-json-lint
  overcommit
  parallel_tests
  pdk (> 1.9.0)
  puppet (= 7.1.0)
  puppet-blacksmith
  puppet-lint
  puppet-lint-absolute_template_path
  puppet-lint-appends-check
  puppet-lint-class_parameter-check
  puppet-lint-empty_lines_around_body-check
  puppet-lint-empty_trailing_lines
  puppet-lint-explicit_hiera_class_param_lookup-check
  puppet-lint-no_erb_template-check
  puppet-lint-no_file_path_attribute-check
  puppet-lint-no_symbolic_file_modes-check
  puppet-lint-numericvariable
  puppet-lint-package_ensure-check
  puppet-lint-param-types
  puppet-lint-recurse_file-check
  puppet-lint-template_file_extension-check
  puppet-lint-uncuddled_else-check
  puppet-lint-world_writable_files-check
  puppet_litmus
  puppetlabs_spec_helper
  rake
  reek
  rspec-puppet
  rspec-puppet-facts
  rspec-puppet-utils
  rspec-retry
  rubocop
  rubocop-performance
  serverspec
  voxpupuli-puppet-lint-plugins

BUNDLED WITH
   2.3.13
